GENERATE-LOAD-SCRIPTS: ON
RESTRICTION: == net46
NUGET
  remote: https://www.nuget.org/api/v2
    FSharp.Compiler.CodeDom (1.0.0.1)
    FSharp.Core (3.1.2.5)
