GENERATE-LOAD-SCRIPTS: ON
RESTRICTION: == net46
NUGET
  remote: https://www.nuget.org/api/v2
    FSharp.Compiler.CodeDom (1.0.0.1)
    FSharp.Compiler.Tools (4.1.29)
    FSharp.Core (4.2.3)
